GEM
  remote: https://rubygems.org/
  specs:
    rack (1.5.2)

PLATFORMS
  ruby

DEPENDENCIES
  rack (= 1.5.2)

BUNDLED WITH
   1.10.6
